GEM
  remote: http://rubygems.org/
  specs:
    activemodel (3.1.8)
      activesupport (= 3.1.8)
      builder (~> 3.0.0)
      i18n (~> 0.6)
    activerecord (3.1.8)
      activemodel (= 3.1.8)
      activesupport (= 3.1.8)
      arel (~> 2.2.3)
      tzinfo (~> 0.3.29)
    activesupport (3.1.8)
      multi_json (>= 1.0, < 1.3)
    arel (2.2.3)
    builder (3.0.0)
    columnize (0.3.6)
    database_cleaner (0.7.2)
    debugger (1.1.4)
      columnize (>= 0.3.1)
      debugger-linecache (~> 1.1.1)
      debugger-ruby_core_source (~> 1.1.3)
    debugger-linecache (1.1.2)
      debugger-ruby_core_source (>= 1.1.1)
    debugger-ruby_core_source (1.1.3)
    git (1.2.5)
    i18n (0.6.0)
    jeweler (1.6.4)
      bundler (~> 1.0)
      git (>= 1.2.5)
      rake
    linecache (0.46)
      rbx-require-relative (> 0.0.4)
    multi_json (1.2.0)
    rake (0.9.2.2)
    rbx-require-relative (0.0.9)
    rcov (1.0.0)
    ruby-debug (0.10.4)
      columnize (>= 0.1)
      ruby-debug-base (~> 0.10.4.0)
    ruby-debug-base (0.10.4)
      linecache (>= 0.3)
    simplecov (0.6.4)
      multi_json (~> 1.0)
      simplecov-html (~> 0.5.3)
    simplecov-html (0.5.3)
    sqlite3 (1.3.6)
    test-spec (0.10.0)
    tzinfo (0.3.33)
    yard (0.6.8)

PLATFORMS
  ruby

DEPENDENCIES
  activerecord (~> 3.1.0)
  bundler (~> 1.0.0)
  database_cleaner (~> 0.7.2)
  debugger (~> 1.1.3)
  i18n
  jeweler (~> 1.6.4)
  rcov (~> 1.0.0)
  ruby-debug
  simplecov (~> 0.6.4)
  sqlite3 (~> 1.3.6)
  test-spec
  yard (~> 0.6.0)
